GIT
  remote: git://github.com/teamschnitzel/schnitzelpress.git
  revision: 4fdcdc32f359901d919d63d57537dcf117fa5349
  specs:
    schnitzelpress (0.0.9)
      activesupport (~> 3.2.0)
      bson_ext (~> 1.5)
      chronic (~> 0.6.7)
      coderay (~> 1.0.5)
      haml (~> 3.1.4)
      i18n (~> 0.6.0)
      mongo (~> 1.5.2)
      mongoid (~> 2.4)
      omniauth (~> 1.0.2)
      omniauth-browserid (~> 0.0.1)
      rack (~> 1.4.0)
      rack-cache (~> 1.1)
      rake (~> 0.9.2.2)
      redcarpet (~> 2.1.0)
      ruby-oembed (~> 0.8.5)
      sass (~> 3.1.15)
      schnitzelstyle (~> 0.0.9)
      sinatra (~> 1.3.2)
      thor (~> 0.14.6)
      tilt (~> 1.3.0)
      wirble (~> 0.1.3)

GIT
  remote: git://github.com/teamschnitzel/schnitzelstyle.git
  revision: ede08e1d2788ece1c196d40f3f5e4a722b499e05
  specs:
    schnitzelstyle (0.0.9)
      sass

GEM
  remote: https://rubygems.org/
  specs:
    activemodel (3.2.1)
      activesupport (= 3.2.1)
      builder (~> 3.0.0)
    activesupport (3.2.1)
      i18n (~> 0.6)
      multi_json (~> 1.0)
    addressable (2.2.7)
    bson (1.5.2)
    bson_ext (1.5.2)
      bson (= 1.5.2)
    builder (3.0.0)
    chronic (0.6.7)
    coderay (1.0.5)
    faraday (0.7.6)
      addressable (~> 2.2)
      multipart-post (~> 1.1)
      rack (~> 1.1)
    haml (3.1.4)
    hashie (1.2.0)
    heroku (2.20.1)
      launchy (>= 0.3.2)
      rest-client (~> 1.6.1)
      rubyzip
      term-ansicolor (~> 1.0.5)
    i18n (0.6.0)
    kgio (2.7.2)
    launchy (2.0.5)
      addressable (~> 2.2.6)
    mime-types (1.17.2)
    mongo (1.5.2)
      bson (= 1.5.2)
    mongoid (2.4.5)
      activemodel (~> 3.1)
      mongo (~> 1.3)
      tzinfo (~> 0.3.22)
    multi_json (1.1.0)
    multipart-post (1.1.5)
    omniauth (1.0.2)
      hashie (~> 1.2)
      rack
    omniauth-browserid (0.0.1)
      faraday
      multi_json
      omniauth (~> 1.0)
    rack (1.4.1)
    rack-cache (1.1)
      rack (>= 0.4)
    rack-protection (1.2.0)
      rack
    raindrops (0.8.0)
    rake (0.9.2.2)
    redcarpet (2.1.0)
    rest-client (1.6.7)
      mime-types (>= 1.16)
    ruby-oembed (0.8.5)
    rubyzip (0.9.6.1)
    sass (3.1.15)
    shotgun (0.9)
      rack (>= 1.0)
    sinatra (1.3.2)
      rack (~> 1.3, >= 1.3.6)
      rack-protection (~> 1.2)
      tilt (~> 1.3, >= 1.3.3)
    term-ansicolor (1.0.7)
    thor (0.14.6)
    tilt (1.3.3)
    tzinfo (0.3.31)
    unicorn (4.2.0)
      kgio (~> 2.6)
      rack
      raindrops (~> 0.7)
    wirble (0.1.3)

PLATFORMS
  ruby

DEPENDENCIES
  heroku
  schnitzelpress!
  schnitzelstyle!
  shotgun
  unicorn
